GEM
  remote: https://rubygems.org/
  specs:
    activesupport (3.2.12)
      i18n (~> 0.6)
      multi_json (~> 1.0)
    addressable (2.3.4)
    berkshelf (1.4.0)
      activesupport (>= 3.2.0)
      addressable
      celluloid (>= 0.13.0)
      chozo (>= 0.6.1)
      faraday (>= 0.8.5)
      hashie (>= 2.0.2)
      json (>= 1.5.0)
      minitar
      mixlib-config (~> 1.1)
      mixlib-shellout (~> 1.1)
      multi_json (~> 1.5)
      retryable
      ridley (~> 0.9.0)
      solve (>= 0.4.2)
      thor (~> 0.18.0)
      yajl-ruby
    berkshelf-vagrant (1.1.3)
      vagrant-berkshelf (>= 1.2.0)
    celluloid (0.13.0)
      timers (>= 1.0.0)
    chozo (0.6.1)
      activesupport (>= 3.2.0)
      hashie (>= 2.0.2)
      multi_json (>= 1.3.0)
    erubis (2.7.0)
    faraday (0.8.7)
      multipart-post (~> 1.1)
    hashie (2.0.4)
    i18n (0.6.4)
    json (1.6.1)
    minitar (0.5.4)
    mixlib-authentication (1.3.0)
      mixlib-log
    mixlib-config (1.1.2)
    mixlib-log (1.6.0)
    mixlib-shellout (1.1.0)
    multi_json (1.7.2)
    multipart-post (1.2.0)
    net-http-persistent (2.8)
    net-scp (1.1.0)
      net-ssh (>= 2.6.5)
    net-ssh (2.6.7)
    retryable (1.3.2)
    ridley (0.9.0)
      activesupport (>= 3.2.0)
      addressable
      celluloid (~> 0.13.0)
      chozo (>= 0.6.0)
      erubis
      faraday (>= 0.8.4)
      json (>= 1.5.0)
      mixlib-authentication (>= 1.3.0)
      mixlib-config (>= 1.1.0)
      mixlib-log (>= 1.3.0)
      mixlib-shellout (>= 1.1.0)
      multi_json (>= 1.0.4)
      net-http-persistent (>= 2.8)
      net-ssh
      retryable
      solve (>= 0.4.1)
    solve (0.4.2)
      json
    thor (0.18.1)
    timers (1.1.0)
    vagrant-berkshelf (1.2.0)
      activesupport (>= 3.2.0, < 3.2.13)
      berkshelf (~> 1.4.0)
      i18n (~> 0.6.0)
      json (>= 1.5.1, < 1.8.0)
      net-scp (~> 1.1.0)
      net-ssh (~> 2.6.6)
    yajl-ruby (1.1.0)

PLATFORMS
  ruby

DEPENDENCIES
  activesupport
  berkshelf
  berkshelf-vagrant
  json (= 1.6.1)
